GEM
  remote: http://rubygems.org/
  specs:
    json (1.7.7)
    rake (10.0.4)

PLATFORMS
  ruby

DEPENDENCIES
  json
  rake
